REDIRECTS: ON
COPY-CONTENT-TO-OUTPUT-DIR: ALWAYS
CONTENT: ONCE
FRAMEWORK: NET451
NUGET
  remote: https://www.nuget.org/api/v2
    Antlr4.Runtime (4.3)
    Apache.Avro (1.7.7.2)
      log4net (>= 1.2.10)
      Newtonsoft.Json (>= 3.5)
    BenchmarkDotNet (0.10.3)
      BenchmarkDotNet.Core (>= 0.10.3)
      BenchmarkDotNet.Toolchains.Roslyn (>= 0.10.3)
    BenchmarkDotNet.Core (0.10.3)
      System.Threading.Tasks.Extensions (>= 4.3)
    BenchmarkDotNet.Toolchains.Roslyn (0.10.3)
      BenchmarkDotNet.Core (>= 0.10.3)
      Microsoft.CodeAnalysis.CSharp (>= 1.3.2)
      System.Threading.Tasks (>= 4.0.11)
    Castle.Core (3.3.3)
    Confluent.RestClient (1.0.0.35)
      Microsoft.AspNet.WebApi.Client (>= 5.2.3)
      Newtonsoft.Json (>= 6.0.4)
    Dapper (1.50.2)
    DataAnnotationsValidator (1.0.0.1)
    FluentAssertions (4.19.2)
    KafkaNetClient (1.0.2)
    log4net (2.0.8)
    Metrics.NET (0.4.8)
    Microsoft.AspNet.WebApi.Client (5.2.3)
      Newtonsoft.Json (>= 6.0.4)
    Microsoft.Bcl (1.1.10)
      Microsoft.Bcl.Build (>= 1.0.14)
    Microsoft.Bcl.Async (1.0.168)
      Microsoft.Bcl (>= 1.1.8)
    Microsoft.Bcl.Build (1.0.21) - import_targets: false
    Microsoft.CodeAnalysis.Analyzers (1.1)
    Microsoft.CodeAnalysis.Common (1.3.2)
      Microsoft.CodeAnalysis.Analyzers (>= 1.1)
      System.Collections.Immutable (>= 1.1.37)
      System.Reflection.Metadata (>= 1.2)
    Microsoft.CodeAnalysis.CSharp (1.3.2)
      Microsoft.CodeAnalysis.Common (1.3.2)
    Microsoft.Extensions.DependencyInjection (1.1)
      Microsoft.Extensions.DependencyInjection.Abstractions (>= 1.1)
      NETStandard.Library (>= 1.6.1)
    Microsoft.Extensions.DependencyInjection.Abstractions (1.1)
    Microsoft.Orleans.Core (1.3.1)
      Newtonsoft.Json (>= 7.0.1)
      System.Collections.Immutable (>= 1.1.37)
    Microsoft.Orleans.OrleansCodeGenerator (1.3.1)
      Microsoft.CodeAnalysis.CSharp (>= 1.3.2)
      Microsoft.Orleans.Core (>= 1.3.1)
    Microsoft.Orleans.OrleansCodeGenerator.Build (1.3.1)
      Microsoft.Orleans.Core (>= 1.3.1)
    Microsoft.Orleans.OrleansProviders (1.3.1)
      Microsoft.Orleans.Core (>= 1.3.1)
    Microsoft.Orleans.OrleansRuntime (1.3.1)
      Microsoft.Extensions.DependencyInjection (>= 1.0)
      Microsoft.Extensions.DependencyInjection.Abstractions (>= 1.0)
      Microsoft.Orleans.Core (>= 1.3.1)
    Microsoft.Orleans.OrleansSqlUtils (1.3.1)
      Microsoft.Orleans.Core (>= 1.3.1)
      Newtonsoft.Json (>= 7.0.1)
    Microsoft.Orleans.OrleansZooKeeperUtils (1.3.1)
      Microsoft.Orleans.Core (>= 1.3.1)
      Microsoft.Orleans.OrleansRuntime (>= 1.3.1)
      ZooKeeperNetEx (>= 3.4.8.5)
    Microsoft.Orleans.TestingHost (1.3.1)
      Microsoft.Orleans.Core (>= 1.3.1)
      Microsoft.Orleans.OrleansProviders (>= 1.3.1)
      Microsoft.Orleans.OrleansRuntime (>= 1.3.1)
    MySql.Data (6.9.9)
    NETStandard.Library (1.6.1)
      System.Collections.Concurrent (>= 4.3)
      System.Diagnostics.Tracing (>= 4.3)
      System.IO.Compression (>= 4.3)
      System.Net.Http (>= 4.3)
      System.Runtime.InteropServices (>= 4.3)
      System.Runtime.InteropServices.RuntimeInformation (>= 4.3)
      System.Runtime.Numerics (>= 4.3)
      System.Threading.Timer (>= 4.3)
    Newtonsoft.Json (9.0.1)
    Ninject (3.2.2)
    ninject.extensions.conventions (3.2)
      Ninject (>= 3.2 < 3.3)
    Ninject.Extensions.Factory (3.2.1)
      Castle.Core (>= 3.2 < 4.0)
      Ninject (>= 3.2 < 3.3)
    Ninject.MockingKernel (3.2.2)
      Ninject (>= 3.2 < 3.3)
    Ninject.MockingKernel.NSubstitute (3.2.2)
      Ninject.MockingKernel (>= 3.2 < 3.3)
      NSubstitute (>= 1.5 < 2.0)
    Nito.AsyncEx (4.0.1)
      Microsoft.Bcl (>= 1.1.10)
      Microsoft.Bcl.Async (>= 1.0.168)
      Microsoft.Bcl.Build (>= 1.0.21)
    NLog (4.4.6)
    NSubstitute (1.10)
    Nuclex.Cloning (1.0)
    NuGet.CommandLine (3.5)
    NUnit (3.6.1)
    Orleans.KafkaStreamProvider (1.2.2-pre002)
      KafkaNetClient (>= 1.0.2)
      Metrics.NET (>= 0.3.7)
      Microsoft.Orleans.OrleansProviders (>= 1.3.0-beta1)
      Microsoft.Orleans.OrleansRuntime (>= 1.3.0-beta1)
      System.Collections (>= 4.0.11)
      System.Collections.Concurrent (>= 4.0.12)
      System.ComponentModel (>= 4.0.1)
      System.Diagnostics.Debug (>= 4.0.11)
      System.Globalization (>= 4.0.11)
      System.Linq (>= 4.1)
      System.Linq.Expressions (>= 4.1)
      System.Reflection (>= 4.1)
      System.Resources.ResourceManager (>= 4.0.1)
      System.Runtime.Extensions (>= 4.1)
      System.Threading (>= 4.0.11)
      System.Threading.Tasks (>= 4.0.11)
    ParallelExtensionsExtras (1.2)
    PlainElastic.Net (1.1.55)
      Newtonsoft.Json (>= 4.0.5)
    RabbitMQ.Client (4.1.3)
    RichardSzalay.MockHttp (1.5)
      System.Net.Http (>= 4.0)
    Shouldly (2.8.2)
    System.Collections (4.3)
    System.Collections.Concurrent (4.3)
    System.Collections.Immutable (1.3.1)
    System.ComponentModel (4.3)
    System.ComponentModel.Annotations (4.3)
    System.Diagnostics.Debug (4.3)
    System.Diagnostics.Tracing (4.3)
    System.Globalization (4.3)
    System.IO.Compression (4.3)
    System.Linq (4.3)
    System.Linq.Expressions (4.3)
    System.Net.Http (4.3.1)
    System.Reflection (4.3)
    System.Reflection.Metadata (1.4.2)
      System.Collections.Immutable (>= 1.3.1)
    System.Resources.ResourceManager (4.3)
    System.Runtime.Extensions (4.3)
    System.Runtime.InteropServices (4.3)
    System.Runtime.InteropServices.RuntimeInformation (4.3)
    System.Runtime.Numerics (4.3)
    System.Threading (4.3)
    System.Threading.Tasks (4.3)
    System.Threading.Tasks.Dataflow (4.7)
    System.Threading.Tasks.Extensions (4.3)
    System.Threading.Timer (4.3)
    Thrift (0.9)
    Thrower (4.1.3)
    Troschuetz.Random (4.1.3)
    ZooKeeperNetEx (3.4.9.4)
  remote: http://nuget/nugetForVS/nuget
    Gigya.Common.Contracts (2.4.7)
      Gigya.ServiceContract (2.4.7)
      Newtonsoft.Json (>= 9.0.1)
    Gigya.ServiceContract (2.4.7)
      Newtonsoft.Json (>= 9.0.1)
    KeyEncryptionService.Interface (1.5.3)
      Gigya.Common.Contracts (>= 2.4.7)
    KeyManagementService.Interface (1.5.2)
      Gigya.Common.Contracts (>= 2.4.7 < 3.0)
      KeyEncryptionService.Interface (>= 1.5.3)
    OrleansTestingUtils (1.0.0.004)
